GEM
  remote: https://rubygems.org/
  specs:
    faker (1.6.5)
      i18n (~> 0.5)
    httparty (0.13.7)
      json (~> 1.8)
      multi_xml (>= 0.5.2)
    i18n (0.7.0)
    json (1.8.3)
    multi_xml (0.5.5)

PLATFORMS
  ruby

DEPENDENCIES
  faker
  httparty

BUNDLED WITH
   1.12.5
